GIT
  remote: https://github.com/chef/chef_secrets
  revision: b2485af39c722f88ffbdab5048b799f26cb22237
  ref: b2485af39c722f88ffbdab5048b799f26cb22237
  branch: lbaker/upgrade-erlang-24.2
  specs:
    veil (0.3.9)
      bcrypt (~> 3.1)
      pbkdf2

GEM
  specs:
    bcrypt (3.1.16)
    pbkdf2 (0.1.0)

PLATFORMS
  ruby

DEPENDENCIES
  veil!

BUNDLED WITH
   2.3.9
